GEM
  remote: https://rubygems.org/
  specs:
    thor (1.3.0)

PLATFORMS
  x86_64-linux

DEPENDENCIES
  thor (~> 1.3)

BUNDLED WITH
   2.4.12
