GEM
  remote: https://rubygems.org/
  specs:
    aws-eventstream (1.2.0)
    aws-partitions (1.841.0)
    aws-sdk-athena (1.75.0)
      aws-sdk-core (~> 3, >= 3.184.0)
      aws-sigv4 (~> 1.1)
    aws-sdk-core (3.185.1)
      aws-eventstream (~> 1, >= 1.0.2)
      aws-partitions (~> 1, >= 1.651.0)
      aws-sigv4 (~> 1.5)
      jmespath (~> 1, >= 1.6.1)
    aws-sdk-glue (1.157.0)
      aws-sdk-core (~> 3, >= 3.184.0)
      aws-sigv4 (~> 1.1)
    aws-sdk-kms (1.72.0)
      aws-sdk-core (~> 3, >= 3.184.0)
      aws-sigv4 (~> 1.1)
    aws-sdk-s3 (1.136.0)
      aws-sdk-core (~> 3, >= 3.181.0)
      aws-sdk-kms (~> 1)
      aws-sigv4 (~> 1.6)
    aws-sigv4 (1.6.1)
      aws-eventstream (~> 1, >= 1.0.2)
    jmespath (1.6.2)
    thor (1.3.0)

PLATFORMS
  x86_64-linux

DEPENDENCIES
  aws-sdk-athena (~> 1.75)
  aws-sdk-glue (~> 1.157)
  aws-sdk-s3 (~> 1.136)
  thor (~> 1.3)

BUNDLED WITH
   2.4.12
